{
	"ContinuousHeadLocalization":false,
	"InstitutionAddress":"10 Center Drive, Bethesda, MD, United States",
	"InstitutionName":"NINDS/NIH",
	"InstitutionalDepartmentName":"Human Cortical Physiology and Neurorehabilitation",
	"MEGChannelCount":272,
	"MEGREFChannelCount":28,
	"Manufacturer":"CTF",
	"ManufacturersModelName":"CTF-275",
	"RecordingDuration":360,
	"SamplingFrequency":600,
	"TaskDescription":"Resting-state MEG scan.",
	"TaskName":"rest",
	"TriggerChannelCount":1
}
